PATH
  remote: .
  specs:
    code_ape (2.0.2)

GEM
  remote: https://rubygems.org/
  specs:
    minitest (5.12.2)
    rake (13.0.0)

PLATFORMS
  ruby

DEPENDENCIES
  bundler
  code_ape!
  minitest
  rake

BUNDLED WITH
   2.0.2
